GEM
  remote: https://rubygems.org/
  specs:
    csv (3.1.1)
    json (2.2.0)

PLATFORMS
  ruby

DEPENDENCIES
  csv
  json

BUNDLED WITH
   1.17.2
